GEM
  remote: https://rubygems.org/
  specs:
    json (2.2.0)
    mustermann (1.0.3)
    rack (2.0.7)
    rack-protection (2.0.7)
      rack
    rake (12.3.3)
    shotgun (0.9.2)
      rack (>= 1.0)
    sinatra (2.0.7)
      mustermann (~> 1.0)
      rack (~> 2.0)
      rack-protection (= 2.0.7)
      tilt (~> 2.0)
    tilt (2.0.9)

PLATFORMS
  ruby

DEPENDENCIES
  json
  rake
  shotgun
  sinatra

RUBY VERSION
   ruby 2.6.3p62

BUNDLED WITH
   2.0.2
